PATH
  remote: .
  specs:
    br-cpf (1.0.0)
      ffi (~> 1.0)

GEM
  remote: http://rubygems.org/
  specs:
    ffi (1.0.9)
    rake (0.8.7)
    rspec (1.3.0)

PLATFORMS
  ruby

DEPENDENCIES
  br-cpf!
  rake
  rspec (~> 1.3)
